GEM
  remote: http://rubygems.org/
  specs:
    bson (1.3.0)
    bson_ext (1.3.0)
    mongo (1.3.0)
      bson (>= 1.3.0)
    rack (1.2.2)
    sinatra (1.2.3)
      rack (~> 1.1)
      tilt (< 2.0, >= 1.2.2)
    tilt (1.2.2)

PLATFORMS
  ruby

DEPENDENCIES
  bson_ext (~> 1.3.0)
  mongo (~> 1.3.0)
  rack (~> 1.2.2)
  sinatra (~> 1.2.3)
