GEM
  specs:
    bson (1.1.1)
    bson_ext (1.1.1)
    mongo (1.1.1)
      bson (>= 1.1.1)
    rack (1.2.1)
    sinatra (1.1.3)
      rack (~> 1.1)
      tilt (>= 1.2.2, < 2.0)
    tilt (1.2.2)

PLATFORMS
  ruby

DEPENDENCIES
  bson (= 1.1.1)
  bson_ext (= 1.1.1)
  mongo (= 1.1.1)
  rack
  sinatra
